PATH
  remote: .
  specs:
    charscounter (0.1.0)

GEM
  remote: https://rubygems.org/
  specs:
    rake (13.1.0)

PLATFORMS
  x64-mingw-ucrt

DEPENDENCIES
  charscounter!
  rake (~> 13.0)

BUNDLED WITH
   2.5.22
